GEM
  remote: https://rubygems.org/
  specs:
    thor (1.4.0)

PLATFORMS
  ruby
  x86_64-linux

DEPENDENCIES
  thor (~> 1.4)

BUNDLED WITH
   2.6.9
